GEM
  remote: https://rubygems.org/
  specs:
    browser (5.3.1)
    childprocess (4.1.0)
    diff-lcs (1.5.0)
    regexp_parser (2.2.1)
    require_all (3.0.0)
    rexml (3.2.5)
    rspec (3.11.0)
      rspec-core (~> 3.11.0)
      rspec-expectations (~> 3.11.0)
      rspec-mocks (~> 3.11.0)
    rspec-core (3.11.0)
      rspec-support (~> 3.11.0)
    rspec-expectations (3.11.0)
      diff-lcs (>= 1.2.0, < 2.0)
      rspec-support (~> 3.11.0)
    rspec-mocks (3.11.0)
      diff-lcs (>= 1.2.0, < 2.0)
      rspec-support (~> 3.11.0)
    rspec-support (3.11.0)
    rubyzip (2.3.2)
    selenium-webdriver (4.1.0)
      childprocess (>= 0.5, < 5.0)
      rexml (~> 3.2, >= 3.2.5)
      rubyzip (>= 1.2.2)
    watir (7.1.0)
      regexp_parser (>= 1.2, < 3)
      selenium-webdriver (~> 4.0)
    watir-scroll (0.4.0)
      watir (>= 6.0)

PLATFORMS
  x86_64-linux

DEPENDENCIES
  browser
  require_all
  rspec (= 3.11.0)
  watir
  watir-scroll

BUNDLED WITH
   2.3.8
